GEM
  remote: http://rubygems.org/
  specs:
    git (1.2.5)
    hugs (1.1.0)
      net-http-persistent (~> 1.4.1)
      yajl-ruby (~> 0.7.8)
    jeweler (1.5.1)
      bundler (~> 1.0.0)
      git (>= 1.2.5)
      rake
    minitest (2.0.0)
    net-http-persistent (1.4.1)
    rake (0.8.7)
    yajl-ruby (0.7.8)

PLATFORMS
  ruby

DEPENDENCIES
  hugs (= 1.1.0)
  jeweler (~> 1.5.1)
  minitest (~> 2.0.0)
  rake
