PATH
  remote: ~/git/hugs
  specs:
    hugs (2.0.0)
      net-http-persistent (~> 1.4.1)
      nokogiri (~> 1.4.4)
      yajl-ruby (~> 0.7.8)

GEM
  remote: http://rubygems.org/
  specs:
    addressable (2.2.2)
    crack (0.1.8)
    git (1.2.5)
    jeweler (1.5.1)
      bundler (~> 1.0.0)
      git (>= 1.2.5)
      rake
    minitest (2.0.0)
    multipart-post (1.0.1)
    net-http-persistent (1.4.1)
    nokogiri (1.4.4)
    rake (0.8.7)
    vcr (1.4.0)
    webmock (1.6.1)
      addressable (>= 2.2.2)
      crack (>= 0.1.7)
    yajl-ruby (0.7.8)

PLATFORMS
  ruby

DEPENDENCIES
  hugs!
  jeweler (~> 1.5.1)
  minitest (~> 2.0.0)
  multipart-post
  nokogiri (~> 1.4.4)
  rake
  vcr (~> 1.4.0)
  webmock (~> 1.6.1)
